GEM
  remote: https://rubygems.org/
  specs:
    Platform (0.4.0)
    RedCloth (4.2.9)
    addressable (2.3.6)
    byebug (1.3.1)
      columnize (~> 0.3.6)
      debugger-linecache (~> 1.2.0)
    childprocess (0.5.5)
      ffi (~> 1.0, >= 1.0.11)
    columnize (0.3.6)
    cookiejar (0.3.2)
    daemons (1.1.9)
    debugger-linecache (1.2.0)
    diff-lcs (1.2.5)
    em-http-request (1.0.3)
      addressable (>= 2.2.3)
      cookiejar
      em-socksify
      eventmachine (>= 1.0.0.beta.4)
      http_parser.rb (>= 0.5.3)
    em-socksify (0.3.0)
      eventmachine (>= 1.0.0.beta.4)
    eventmachine (1.0.3)
    execjs (2.0.2)
    ffi (1.9.6)
    filewatcher (0.3.4)
      trollop (~> 2.0)
    github-markup (0.7.5)
    http_parser.rb (0.6.0)
    jasmine (1.3.2)
      jasmine-core (~> 1.3.1)
      rack (~> 1.0)
      rspec (>= 1.3.1)
      selenium-webdriver (>= 0.1.3)
    jasmine-core (1.3.1)
    jshintrb (0.2.4)
      execjs
      multi_json (>= 1.3)
      rake
    json (1.8.1)
    libv8 (3.16.14.3)
    listen (0.7.3)
    multi_json (1.9.3)
    net-http-persistent (2.9.4)
    nginx_test_helper (0.3.0)
      popen4
    nokogiri (1.5.11)
    open4 (1.3.3)
    popen4 (0.1.2)
      Platform (>= 0.4.0)
      open4 (>= 0.4.0)
    rack (1.5.2)
    rake (10.0.4)
    rb-fsevent (0.9.4)
    rb-inotify (0.9.4)
      ffi (>= 0.5.0)
    ref (1.0.5)
    rspec (2.14.1)
      rspec-core (~> 2.14.0)
      rspec-expectations (~> 2.14.0)
      rspec-mocks (~> 2.14.0)
    rspec-core (2.14.8)
    rspec-expectations (2.14.5)
      diff-lcs (>= 1.1.3, < 2.0)
    rspec-mocks (2.14.6)
    rubyzip (1.1.3)
    selenium-webdriver (2.41.0)
      childprocess (>= 0.5.0)
      multi_json (~> 1.0)
      rubyzip (~> 1.0)
      websocket (~> 1.0.4)
    therubyracer (0.12.1)
      libv8 (~> 3.16.14.0)
      ref
    thin (1.5.1)
      daemons (>= 1.0.9)
      eventmachine (>= 0.12.6)
      rack (>= 1.0.0)
    trollop (2.0)
    websocket (1.0.7)

PLATFORMS
  ruby

DEPENDENCIES
  RedCloth (~> 4.2.9)
  byebug (~> 1.3.1)
  em-http-request (~> 1.0.3)
  filewatcher
  github-markup (~> 0.7.5)
  jasmine (~> 1.3.1)
  jshintrb (~> 0.2.1)
  json (~> 1.8.1)
  listen (~> 0.7.2)
  net-http-persistent (~> 2.9)
  nginx_test_helper (~> 0.3.0)
  nokogiri (~> 1.5.6)
  rake (~> 10.0.3)
  rb-fsevent (~> 0.9)
  rb-inotify (~> 0.9.4)
  rspec (~> 2.14.1)
  therubyracer
  thin (~> 1.5.1)
